PATH
  remote: ../rulers
  specs:
    rulers (0.0.2)
      rack (~> 2.2)

GEM
  remote: http://rubygems.org/
  specs:
    ast (2.4.2)
    ffi (1.15.5)
    json (2.6.3)
    language_server-protocol (3.17.0.3)
    listen (3.8.0)
      rb-fsevent (~> 0.10, >= 0.10.3)
      rb-inotify (~> 0.9, >= 0.9.10)
    nio4r (2.5.8)
    parallel (1.22.1)
    parser (3.2.1.0)
      ast (~> 2.4.1)
    puma (6.1.0)
      nio4r (~> 2.0)
    rack (2.2.6.2)
    rainbow (3.1.1)
    rb-fsevent (0.11.2)
    rb-inotify (0.10.1)
      ffi (~> 1.0)
    regexp_parser (2.7.0)
    rerun (0.14.0)
      listen (~> 3.0)
    rexml (3.2.5)
    rubocop (1.44.1)
      json (~> 2.3)
      parallel (~> 1.10)
      parser (>= 3.2.0.0)
      rainbow (>= 2.2.2, < 4.0)
      regexp_parser (>= 1.8, < 3.0)
      rexml (>= 3.2.5, < 4.0)
      rubocop-ast (>= 1.24.1, < 2.0)
      ruby-progressbar (~> 1.7)
      unicode-display_width (>= 2.4.0, < 3.0)
    rubocop-ast (1.24.1)
      parser (>= 3.1.1.0)
    rubocop-performance (1.15.2)
      rubocop (>= 1.7.0, < 2.0)
      rubocop-ast (>= 0.4.0)
    ruby-progressbar (1.11.0)
    standard (1.24.2)
      language_server-protocol (~> 3.17.0.2)
      rubocop (= 1.44.1)
      rubocop-performance (= 1.15.2)
    unicode-display_width (2.4.2)

PLATFORMS
  arm64-darwin-21

DEPENDENCIES
  puma
  rerun
  rulers!
  standard

BUNDLED WITH
   2.4.6
